GEM
  remote: https://rubygems.org/
  specs:
    addressable (2.7.0)
      public_suffix (>= 2.0.2, < 5.0)
    ast (2.4.1)
    childprocess (0.6.3)
      ffi (~> 1.0, >= 1.0.11)
    colored (1.2)
    concurrent-ruby (1.1.7)
    cri (2.9.1)
      colored (~> 1.2)
    deep_merge (1.2.1)
    diff-lcs (1.4.4)
    equatable (0.6.1)
    facter (4.0.33)
      hocon (~> 1.3)
      thor (>= 1.0.1, < 2.0)
    facterdb (1.2.0)
      facter
      jgrep
    fast_gettext (1.1.2)
    ffi (1.13.1)
    gettext (3.2.9)
      locale (>= 2.0.5)
      text (>= 1.3.0)
    gettext-setup (0.34)
      fast_gettext (~> 1.1.0)
      gettext (>= 3.0.2, < 3.3.0)
      locale
    hiera (3.6.0)
    hitimes (2.0.0)
    hocon (1.3.1)
    httpclient (2.8.3)
    jgrep (1.5.3)
    json-schema (2.8.1)
      addressable (>= 2.4)
    json_pure (2.1.0)
    locale (2.1.3)
    metadata-json-lint (2.4.0)
      json-schema (~> 2.8)
      spdx-licenses (~> 1.0)
    mocha (1.11.2)
    multi_json (1.15.0)
    necromancer (0.4.0)
    parallel (1.19.2)
    parser (2.7.1.4)
      ast (~> 2.4.1)
    pastel (0.7.4)
      equatable (~> 0.6)
      tty-color (~> 0.5)
    pathspec (0.2.1)
    pdk (1.0.1)
      bundler (~> 1.15)
      childprocess (~> 0.6.2)
      cri (~> 2.9.1)
      deep_merge (~> 1.1)
      gettext-setup (~> 0.24)
      json_pure (~> 2.1.0)
      tty-prompt (~> 0.13.1)
      tty-spinner (~> 0.5.0)
      tty-which (~> 0.3.0)
    public_suffix (4.0.5)
    puppet (6.17.0)
      concurrent-ruby (~> 1.0)
      deep_merge (~> 1.0)
      facter (> 2.0.1, < 5)
      fast_gettext (~> 1.1)
      hiera (>= 3.2.1, < 4)
      httpclient (~> 2.8)
      locale (~> 2.1)
      multi_json (~> 1.10)
      puppet-resource_api (~> 1.5)
      semantic_puppet (~> 1.0)
    puppet-lint (2.4.2)
    puppet-resource_api (1.8.13)
      hocon (>= 1.0)
    puppet-syntax (3.1.0)
      puppet (>= 5)
      rake
    puppetlabs_spec_helper (2.15.0)
      mocha (~> 1.0)
      pathspec (~> 0.2.1)
      puppet-lint (~> 2.0)
      puppet-syntax (>= 2.0, < 4)
      rspec-puppet (~> 2.0)
    rainbow (3.0.0)
    rake (13.0.1)
    regexp_parser (1.7.1)
    rexml (3.2.4)
    rspec (3.9.0)
      rspec-core (~> 3.9.0)
      rspec-expectations (~> 3.9.0)
      rspec-mocks (~> 3.9.0)
    rspec-core (3.9.2)
      rspec-support (~> 3.9.3)
    rspec-expectations (3.9.2)
      diff-lcs (>= 1.2.0, < 2.0)
      rspec-support (~> 3.9.0)
    rspec-mocks (3.9.1)
      diff-lcs (>= 1.2.0, < 2.0)
      rspec-support (~> 3.9.0)
    rspec-puppet (2.7.10)
      rspec
    rspec-puppet-facts (2.0.0)
      facter
      facterdb (>= 0.5.0)
      puppet
    rspec-support (3.9.3)
    rubocop (0.89.1)
      parallel (~> 1.10)
      parser (>= 2.7.1.1)
      rainbow (>= 2.2.2, < 4.0)
      regexp_parser (>= 1.7)
      rexml
      rubocop-ast (>= 0.3.0, < 1.0)
      ruby-progressbar (~> 1.7)
      unicode-display_width (>= 1.4.0, < 2.0)
    rubocop-ast (0.3.0)
      parser (>= 2.7.1.4)
    ruby-progressbar (1.10.1)
    semantic_puppet (1.0.2)
    spdx-licenses (1.2.0)
    text (1.3.1)
    thor (1.0.1)
    timers (4.1.2)
      hitimes
    tty-color (0.5.2)
    tty-cursor (0.5.0)
    tty-prompt (0.13.2)
      necromancer (~> 0.4.0)
      pastel (~> 0.7.0)
      timers (~> 4.1.2)
      tty-cursor (~> 0.5.0)
      tty-reader (~> 0.1.0)
    tty-reader (0.1.0)
      wisper (~> 2.0.0)
    tty-spinner (0.5.0)
      tty-cursor (>= 0.5.0)
    tty-which (0.3.0)
    unicode-display_width (1.7.0)
    wisper (2.0.1)

PLATFORMS
  ruby

DEPENDENCIES
  metadata-json-lint
  pdk (~> 1.0.0)
  puppet (= 6.17.0)
  puppetlabs_spec_helper
  rspec-puppet-facts
  rubocop

BUNDLED WITH
   1.17.3
